GEM
  remote: https://rubygems.org/
  specs:
    css_press (0.3.2)
      csspool-st (= 3.1.2)
      json
    csspool-st (3.1.2)
    daemons (1.3.1)
    eventmachine (1.2.7)
    execjs (2.7.0)
    html_press (0.8.2)
      htmlentities
      multi_css (>= 0.1.0)
      multi_js (>= 0.1.0)
    htmlentities (4.3.4)
    json (2.3.1)
    multi_css (0.1.0)
      css_press
    multi_js (0.1.0)
      uglifier (~> 2)
    rack (1.6.11)
    rack-protection (1.5.5)
      rack
    redis (4.1.1)
    redis-sinatra (1.4.2)
      redis-store (>= 1.1, < 2)
      sinatra (>= 1, < 3)
    redis-store (1.6.0)
      redis (>= 2.2, < 5)
    sinatra (1.4.8)
      rack (~> 1.5)
      rack-protection (~> 1.4)
      tilt (>= 1.3, < 3)
    thin (1.7.2)
      daemons (~> 1.0, >= 1.0.9)
      eventmachine (~> 1.0, >= 1.0.4)
      rack (>= 1, < 3)
    tilt (2.0.8)
    uglifier (2.7.2)
      execjs (>= 0.3.0)
      json (>= 1.8.0)

PLATFORMS
  ruby

DEPENDENCIES
  html_press (~> 0.8.2)
  rack (>= 1.6.11)
  rack-protection (>= 1.5.5)
  redis-sinatra
  redis-store (>= 1.4.0)
  sinatra
  thin

RUBY VERSION
   ruby 2.6.0p0

BUNDLED WITH
   1.17.2
